PATH
  remote: .
  specs:
    raygun-apm (1.1.1)

GEM
  remote: https://rubygems.org/
  specs:
    activemodel (6.0.3.3)
      activesupport (= 6.0.3.3)
    activesupport (6.0.3.3)
      concurrent-ruby (~> 1.0, >= 1.0.2)
      i18n (>= 0.7, < 2)
      minitest (~> 5.1)
      tzinfo (~> 1.1)
      zeitwerk (~> 2.2, >= 2.2.2)
    benchmark_driver (0.15.15)
    bson (4.10.0)
    concurrent-ruby (1.1.7)
    debase-ruby_core_source (0.10.10)
    domain_name (0.5.20190701)
      unf (>= 0.0.5, < 1.0.0)
    excon (0.73.0)
    faraday (1.0.1)
      multipart-post (>= 1.2, < 3)
    http-accept (1.7.0)
    http-cookie (1.0.3)
      domain_name (~> 0.5)
    httparty (0.18.1)
      mime-types (~> 3.0)
      multi_xml (>= 0.5.2)
    httpclient (2.8.3)
    i18n (1.8.5)
      concurrent-ruby (~> 1.0)
    io-console (0.5.6)
    irb (1.2.7)
      reline (>= 0.1.5)
    mime-types (3.3.1)
      mime-types-data (~> 3.2015)
    mime-types-data (3.2020.0512)
    minitest (5.14.2)
    mongo (2.13.0)
      bson (>= 4.8.2, < 5.0.0)
    mongoid (7.1.2)
      activemodel (>= 5.1, < 6.1)
      mongo (>= 2.7.0, < 3.0.0)
    multi_xml (0.6.0)
    multipart-post (2.1.1)
    netrc (0.11.0)
    rake (12.3.3)
    rake-compiler (1.1.1)
      rake
    rake-compiler-dock (1.0.1)
    reline (0.1.5)
      io-console (~> 0.5)
    rest-client (2.1.0)
      http-accept (>= 1.7.0, < 2.0)
      http-cookie (>= 1.0.2, < 2.0)
      mime-types (>= 1.16, < 4.0)
      netrc (~> 0.8)
    thread_safe (0.3.6)
    tzinfo (1.2.7)
      thread_safe (~> 0.1)
    unf (0.1.4)
      unf_ext
    unf_ext (0.0.7.7)
    zeitwerk (2.4.0)

PLATFORMS
  ruby

DEPENDENCIES
  benchmark_driver (~> 0.15.9)
  bundler (~> 2.1.2)
  debase-ruby_core_source (~> 0.10.9)
  excon (~> 0.73.0)
  faraday (~> 1.0.1)
  httparty (~> 0.18.0)
  httpclient (~> 2.8.3)
  irb
  minitest (~> 5.0)
  mongoid (~> 7.1.2)
  multipart-post (~> 2.1.1)
  rake (~> 12.0)
  rake-compiler (~> 1.1.0)
  rake-compiler-dock (~> 1.0.1)
  raygun-apm!
  rest-client (~> 2.1.0)

BUNDLED WITH
   2.1.4
